GEM
  remote: https://rubygems.org/
  specs:
    rake (11.3.0)
    sass (3.4.22)
    scss_lint (0.50.2)
      rake (>= 0.9, < 12)
      sass (~> 3.4.20)

PLATFORMS
  ruby

DEPENDENCIES
  sass (~> 3.x)
  scss_lint (~> 0.x)

BUNDLED WITH
   1.11.0
